PATH
  remote: .
  specs:
    postmark_mailer (0.1.4)
      activejob (>= 4.2)
      postmark

GEM
  remote: https://rubygems.org/
  specs:
    activejob (7.0.4.1)
      activesupport (= 7.0.4.1)
      globalid (>= 0.3.6)
    activesupport (7.0.4.1)
      concurrent-ruby (~> 1.0, >= 1.0.2)
      i18n (>= 1.6, < 2)
      minitest (>= 5.1)
      tzinfo (~> 2.0)
    concurrent-ruby (1.1.10)
    diff-lcs (1.3)
    globalid (1.0.1)
      activesupport (>= 5.0)
    i18n (1.12.0)
      concurrent-ruby (~> 1.0)
    json (2.5.1)
    minitest (5.17.0)
    postmark (1.21.3)
      json
    rake (10.4.2)
    rspec (3.6.0)
      rspec-core (~> 3.6.0)
      rspec-expectations (~> 3.6.0)
      rspec-mocks (~> 3.6.0)
    rspec-core (3.6.0)
      rspec-support (~> 3.6.0)
    rspec-expectations (3.6.0)
      diff-lcs (>= 1.2.0, < 2.0)
      rspec-support (~> 3.6.0)
    rspec-mocks (3.6.0)
      diff-lcs (>= 1.2.0, < 2.0)
      rspec-support (~> 3.6.0)
    rspec-support (3.6.0)
    tzinfo (2.0.5)
      concurrent-ruby (~> 1.0)

PLATFORMS
  ruby

DEPENDENCIES
  bundler (~> 1.16)
  postmark_mailer!
  rake (~> 10.0)
  rspec (~> 3.0)

BUNDLED WITH
   1.17.2
